GIT
  remote: git://github.com/theodi/alternate-rails.git
  revision: 83a5b8b73655283b2d9729eeae848488881eecc4
  specs:
    alternate_rails (0.0.2)
      rails (>= 3.2.13)

GIT
  remote: git://github.com/theodi/cucumber-api-steps.git
  revision: f8f9254614c64adb76fac3b6065cc9a10dc4f51b
  branch: feature-test-content-type
  specs:
    cucumber-api-steps (0.13)
      cucumber (>= 1.2.1)
      jsonpath (>= 0.1.2)
      rspec (>= 2.12.0)

GIT
  remote: git://github.com/theodi/data_kitten.git
  revision: e343510bd15e3329c1f2fab35035e248195348be
  ref: e343510bd15e3329c1f2fab35035e248195348be
  specs:
    data_kitten (1.0.2)
      curb
      datapackage
      git
      json
      linkeddata
      nokogiri
      rake
      rest-client

GIT
  remote: git://github.com/theodi/resumable-upload.git
  revision: 35435e28645a398d309b2f93ad38182b30e81b64
  specs:
    resumable_upload (0.0.2)
      bson (= 3.1.1)
      dotenv (= 0.7.0)
      fog (~> 1.36)
      rails (~> 4.0.13)

GEM
  remote: https://rubygems.org/
  specs:
    CFPropertyList (2.3.2)
    actionmailer (4.0.13)
      actionpack (= 4.0.13)
      mail (~> 2.5, >= 2.5.4)
    actionpack (4.0.13)
      activesupport (= 4.0.13)
      builder (~> 3.1.0)
      erubis (~> 2.7.0)
      rack (~> 1.5.2)
      rack-test (~> 0.6.2)
    activemodel (4.0.13)
      activesupport (= 4.0.13)
      builder (~> 3.1.0)
    activerecord (4.0.13)
      activemodel (= 4.0.13)
      activerecord-deprecated_finders (~> 1.0.2)
      activesupport (= 4.0.13)
      arel (~> 4.0.0)
    activerecord-deprecated_finders (1.0.4)
    activesupport (4.0.13)
      i18n (~> 0.6, >= 0.6.9)
      minitest (~> 4.2)
      multi_json (~> 1.3)
      thread_safe (~> 0.1)
      tzinfo (~> 0.3.37)
    addressable (2.3.8)
    airbrake (4.3.0)
      builder
      multi_json
    arel (4.0.2)
    backports (3.6.4)
    bootstrap-kaminari-views (0.0.5)
      kaminari (>= 0.13)
      rails (>= 3.1)
    bootstrap-sass (3.1.1.1)
      sass (~> 3.2)
    bson (3.1.1)
    bson_ext (1.5.1)
    builder (3.1.4)
    capybara (2.4.4)
      mime-types (>= 1.16)
      nokogiri (>= 1.3.3)
      rack (>= 1.0.0)
      rack-test (>= 0.5.4)
      xpath (~> 2.0)
    cliver (0.3.2)
    cloudflare (2.1.0)
      json (~> 1)
    coderay (1.1.0)
    coffee-rails (4.0.1)
      coffee-script (>= 2.2.0)
      railties (>= 4.0.0, < 5.0)
    coffee-script (2.4.1)
      coffee-script-source
      execjs
    coffee-script-source (1.9.1.1)
    colorize (0.7.7)
    concurrent-ruby (1.0.2)
    connection_pool (2.2.1)
    coveralls (0.7.2)
      multi_json (~> 1.3)
      rest-client (= 1.6.7)
      simplecov (>= 0.7)
      term-ansicolor (= 1.2.2)
      thor (= 0.18.1)
    crack (0.4.2)
      safe_yaml (~> 1.0.0)
    csvlint (0.2.2)
      activesupport
      addressable
      colorize
      escape_utils
      mime-types
      open_uri_redirections
      typhoeus
      uri_template
    cucumber (1.3.20)
      builder (>= 2.1.2)
      diff-lcs (>= 1.1.3)
      gherkin (~> 2.12)
      multi_json (>= 1.7.5, < 2.0)
      multi_test (>= 0.1.2)
    cucumber-rails (1.4.2)
      capybara (>= 1.1.2, < 3)
      cucumber (>= 1.3.8, < 2)
      mime-types (>= 1.16, < 3)
      nokogiri (~> 1.5)
      rails (>= 3, < 5)
    curb (0.9.3)
    daemons (1.2.3)
    data_uri (0.1.0)
    database_cleaner (1.5.3)
    datapackage (0.0.4)
      colorize
      json
      json-schema
      rest-client
    diff-lcs (1.2.5)
    dotenv (0.7.0)
    dotenv-rails (0.7.0)
      dotenv (= 0.7.0)
    ebnf (1.0.1)
      rdf (~> 2.0)
      sxp (~> 1.0)
    equivalent-xml (0.6.0)
      nokogiri (>= 1.4.3)
    erubis (2.7.0)
    escape_utils (1.1.0)
    ethon (0.7.4)
      ffi (>= 1.3.0)
    eventmachine (1.2.3)
    excon (0.45.4)
    execjs (2.5.2)
    factory_girl (4.5.0)
      activesupport (>= 3.0.0)
    factory_girl_rails (4.5.0)
      factory_girl (~> 4.5.0)
      railties (>= 3.0.0)
    faker (1.4.3)
      i18n (~> 0.5)
    faraday (0.9.1)
      multipart-post (>= 1.2, < 3)
    faraday_middleware (0.9.1)
      faraday (>= 0.7.4, < 0.10)
    ffi (1.9.10)
    fission (0.5.0)
      CFPropertyList (~> 2.2)
    fog (1.36.0)
      fog-aliyun (>= 0.1.0)
      fog-atmos
      fog-aws (>= 0.6.0)
      fog-brightbox (~> 0.4)
      fog-core (~> 1.32)
      fog-dynect (~> 0.0.2)
      fog-ecloud (~> 0.1)
      fog-google (<= 0.1.0)
      fog-json
      fog-local
      fog-powerdns (>= 0.1.1)
      fog-profitbricks
      fog-radosgw (>= 0.0.2)
      fog-riakcs
      fog-sakuracloud (>= 0.0.4)
      fog-serverlove
      fog-softlayer
      fog-storm_on_demand
      fog-terremark
      fog-vmfusion
      fog-voxel
      fog-xenserver
      fog-xml (~> 0.1.1)
      ipaddress (~> 0.5)
      nokogiri (~> 1.5, >= 1.5.11)
    fog-aliyun (0.1.0)
      fog-core (~> 1.27)
      fog-json (~> 1.0)
      ipaddress (~> 0.8)
      xml-simple (~> 1.1)
    fog-atmos (0.1.0)
      fog-core
      fog-xml
    fog-aws (0.7.6)
      fog-core (~> 1.27)
      fog-json (~> 1.0)
      fog-xml (~> 0.1)
      ipaddress (~> 0.8)
    fog-brightbox (0.10.1)
      fog-core (~> 1.22)
      fog-json
      inflecto (~> 0.0.2)
    fog-core (1.35.0)
      builder
      excon (~> 0.45)
      formatador (~> 0.2)
    fog-dynect (0.0.2)
      fog-core
      fog-json
      fog-xml
    fog-ecloud (0.3.0)
      fog-core
      fog-xml
    fog-google (0.1.0)
      fog-core
      fog-json
      fog-xml
    fog-json (1.0.2)
      fog-core (~> 1.0)
      multi_json (~> 1.10)
    fog-local (0.2.1)
      fog-core (~> 1.27)
    fog-powerdns (0.1.1)
      fog-core (~> 1.27)
      fog-json (~> 1.0)
      fog-xml (~> 0.1)
    fog-profitbricks (0.0.5)
      fog-core
      fog-xml
      nokogiri
    fog-radosgw (0.0.4)
      fog-core (>= 1.21.0)
      fog-json
      fog-xml (>= 0.0.1)
    fog-riakcs (0.1.0)
      fog-core
      fog-json
      fog-xml
    fog-sakuracloud (1.4.0)
      fog-core
      fog-json
    fog-serverlove (0.1.2)
      fog-core
      fog-json
    fog-softlayer (1.0.2)
      fog-core
      fog-json
    fog-storm_on_demand (0.1.1)
      fog-core
      fog-json
    fog-terremark (0.1.0)
      fog-core
      fog-xml
    fog-vmfusion (0.1.0)
      fission
      fog-core
    fog-voxel (0.1.0)
      fog-core
      fog-xml
    fog-xenserver (0.2.2)
      fog-core
      fog-xml
    fog-xml (0.1.2)
      fog-core
      nokogiri (~> 1.5, >= 1.5.11)
    font-awesome-rails (4.3.0.0)
      railties (>= 3.2, < 5.0)
    foreman (0.64.0)
      dotenv (~> 0.7.0)
      thor (>= 0.13.6)
    formatador (0.2.5)
    gh (0.14.0)
      addressable
      backports
      faraday (~> 0.8)
      multi_json (~> 1.0)
      net-http-persistent (>= 2.7)
      net-http-pipeline
    gherkin (2.12.2)
      multi_json (~> 1.3)
    git (1.3.0)
    guard (2.12.8)
      formatador (>= 0.2.4)
      listen (>= 2.7, <= 4.0)
      lumberjack (~> 1.0)
      nenv (~> 0.1)
      notiffany (~> 0.0)
      pry (>= 0.9.12)
      shellany (~> 0.0)
      thor (>= 0.18.1)
    guard-bundler (2.1.0)
      bundler (~> 1.0)
      guard (~> 2.2)
      guard-compat (~> 1.1)
    guard-compat (1.2.1)
    guard-cucumber (1.5.4)
      cucumber (>= 1.3.0)
      guard-compat (~> 1.0)
      nenv (~> 0.1)
    guard-rspec (4.6.0)
      guard (~> 2.1)
      guard-compat (~> 1.1)
      rspec (>= 2.99.0, < 4.0)
    haml (4.0.7)
      tilt
    hamster (3.0.0)
      concurrent-ruby (~> 1.0)
    highline (1.7.2)
    hike (1.2.3)
    htmlentities (4.3.4)
    httpclient (2.8.0)
    i18n (0.7.0)
    inflecto (0.0.2)
    ipaddress (0.8.0)
    jbuilder (2.3.1)
      activesupport (>= 3.0.0, < 5)
      multi_json (~> 1.2)
    jquery-dotdotdot-rails (1.6.5)
      railties (>= 3.1)
    jquery-rails (3.1.3)
      railties (>= 3.0, < 5.0)
      thor (>= 0.14, < 2.0)
    json (1.8.6)
    json-ld (2.1.0)
      multi_json (~> 1.11)
      rdf (~> 2.1)
    json-schema (2.6.2)
      addressable (~> 2.3.8)
    jsonpath (0.5.6)
      multi_json
    kaminari (0.16.3)
      actionpack (>= 3.0.0)
      activesupport (>= 3.0.0)
    launchy (2.4.3)
      addressable (~> 2.3)
    libv8 (3.16.14.19)
    link_header (0.0.8)
    linkeddata (1.1.1)
      equivalent-xml (>= 0.4.0)
      json-ld (>= 1.1.1)
      nokogiri (>= 1.6.1)
      rdf (>= 1.1.1)
      rdf-aggregate-repo (>= 1.1.0)
      rdf-isomorphic (>= 1.1.0)
      rdf-json (>= 1.1.0)
      rdf-microdata (>= 1.1.1)
      rdf-n3 (>= 1.1.0)
      rdf-rdfa (>= 1.1.1)
      rdf-rdfxml (>= 1.1.0)
      rdf-trig (>= 1.1.2)
      rdf-trix (>= 1.1.0)
      rdf-turtle (>= 1.1.2)
      sparql (>= 1.1.2)
      sparql-client (>= 1.1.1)
    listen (3.0.1)
      rb-fsevent (>= 0.9.3)
      rb-inotify (>= 0.9)
    lumberjack (1.0.9)
    mail (2.6.3)
      mime-types (>= 1.16, < 3)
    method_source (0.8.2)
    mime-types (2.99.3)
    mini_portile (0.6.2)
    minitest (4.7.5)
    mongo (2.1.2)
      bson (~> 3.0)
    mongoid (5.1.4)
      activemodel (~> 4.0)
      mongo (~> 2.1)
      origin (~> 2.2)
      tzinfo (>= 0.3.37)
    mongoid-grid_fs (2.3.0)
      mime-types (>= 1.0, < 4.0)
      mongoid (>= 3.0, < 7.0)
    multi_json (1.12.1)
    multi_test (0.1.2)
    multipart-post (2.0.0)
    nenv (0.2.0)
    net-http-persistent (2.9.4)
    net-http-pipeline (1.0.1)
    nokogiri (1.6.6.2)
      mini_portile (~> 0.6.0)
    notiffany (0.0.6)
      nenv (~> 0.1)
      shellany (~> 0.0)
    open_uri_redirections (0.2.1)
    origin (2.2.0)
    poltergeist (1.6.0)
      capybara (~> 2.1)
      cliver (~> 0.3.1)
      multi_json (~> 1.0)
      websocket-driver (>= 0.2.0)
    pry (0.9.12.6)
      coderay (~> 1.0)
      method_source (~> 0.8)
      slop (~> 3.4)
    puma (3.6.0)
    pusher (1.1.0)
      httpclient (~> 2.7)
      multi_json (~> 1.0)
      pusher-signature (~> 0.1.8)
    pusher-client (0.6.2)
      json
      websocket (~> 1.0)
    pusher-signature (0.1.8)
    rack (1.5.5)
    rack-cors (0.4.0)
    rack-google-analytics (1.2.0)
      actionpack
      activesupport
    rack-protection (1.5.3)
      rack
    rack-test (0.6.3)
      rack (>= 1.0)
    rails (4.0.13)
      actionmailer (= 4.0.13)
      actionpack (= 4.0.13)
      activerecord (= 4.0.13)
      activesupport (= 4.0.13)
      bundler (>= 1.3.0, < 2.0)
      railties (= 4.0.13)
      sprockets-rails (~> 2.0)
    rails_12factor (0.0.3)
      rails_serve_static_assets
      rails_stdout_logging
    rails_serve_static_assets (0.0.5)
    rails_stdout_logging (0.0.5)
    railties (4.0.13)
      actionpack (= 4.0.13)
      activesupport (= 4.0.13)
      rake (>= 0.8.7)
      thor (>= 0.18.1, < 2.0)
    rake (10.4.2)
    rb-fsevent (0.9.5)
    rb-inotify (0.9.5)
      ffi (>= 0.5.0)
    rdf (2.1.0)
      hamster (~> 3.0)
      link_header (~> 0.0, >= 0.0.8)
    rdf-aggregate-repo (2.0.0)
      rdf (~> 2.0)
    rdf-isomorphic (2.0.0)
      rdf (~> 2.0)
    rdf-json (2.0.0)
      rdf (~> 2.0)
    rdf-microdata (2.0.3)
      htmlentities (~> 4.3)
      nokogiri (~> 1.6)
      rdf (~> 2.0)
      rdf-xsd (~> 2.0)
    rdf-n3 (2.0.0)
      rdf (~> 2.0)
    rdf-rdfa (2.0.1)
      haml (~> 4.0)
      htmlentities (~> 4.3)
      rdf (~> 2.0)
      rdf-aggregate-repo (~> 2.0)
      rdf-xsd (~> 2.0)
    rdf-rdfxml (2.0.0)
      htmlentities (~> 4.3)
      rdf (~> 2.0)
      rdf-rdfa (~> 2.0)
      rdf-xsd (~> 2.0)
    rdf-trig (2.0.0)
      ebnf (~> 1.0, >= 1.0.1)
      rdf (~> 2.0)
      rdf-turtle (~> 2.0)
    rdf-trix (2.0.0)
      rdf (~> 2.0)
    rdf-turtle (2.0.0)
      ebnf (~> 1.0, >= 1.0.1)
      rdf (~> 2.0)
    rdf-xsd (2.0.0)
      rdf (~> 2.0)
    rdoc (4.2.0)
      json (~> 1.4)
    redis (3.3.1)
    ref (1.0.5)
    rest-client (1.6.7)
      mime-types (>= 1.16)
    rspec (3.3.0)
      rspec-core (~> 3.3.0)
      rspec-expectations (~> 3.3.0)
      rspec-mocks (~> 3.3.0)
    rspec-core (3.3.1)
      rspec-support (~> 3.3.0)
    rspec-expectations (3.3.0)
      diff-lcs (>= 1.2.0, < 2.0)
      rspec-support (~> 3.3.0)
    rspec-mocks (3.3.1)
      diff-lcs (>= 1.2.0, < 2.0)
      rspec-support (~> 3.3.0)
    rspec-rails (3.3.2)
      actionpack (>= 3.0, < 4.3)
      activesupport (>= 3.0, < 4.3)
      railties (>= 3.0, < 4.3)
      rspec-core (~> 3.3.0)
      rspec-expectations (~> 3.3.0)
      rspec-mocks (~> 3.3.0)
      rspec-support (~> 3.3.0)
    rspec-support (3.3.0)
    rubyzip (1.1.7)
    safe_yaml (1.0.4)
    sass (3.2.19)
    sass-rails (4.0.5)
      railties (>= 4.0.0, < 5.0)
      sass (~> 3.2.2)
      sprockets (~> 2.8, < 3.0)
      sprockets-rails (~> 2.0)
    sdoc (0.4.1)
      json (~> 1.7, >= 1.7.7)
      rdoc (~> 4.0)
    shellany (0.0.1)
    sidekiq (4.2.4)
      concurrent-ruby (~> 1.0)
      connection_pool (~> 2.2, >= 2.2.0)
      rack-protection (>= 1.5.0)
      redis (~> 3.2, >= 3.2.1)
    simplecov (0.7.1)
      multi_json (~> 1.0)
      simplecov-html (~> 0.7.1)
    simplecov-html (0.7.1)
    slop (3.6.0)
    sparql (1.1.2.1)
      builder (>= 3.0)
      ebnf (>= 0.3.2)
      json (>= 1.7)
      rdf (>= 1.1.0)
      rdf-aggregate-repo (>= 1.1.0)
      rdf-xsd (>= 1.0.2)
      sparql-client (>= 1.1)
      sxp (>= 0.1.3)
    sparql-client (2.1.0)
      net-http-persistent (~> 2.9)
      rdf (~> 2.0)
    sprockets (2.11.3)
      hike (~> 1.2)
      multi_json (~> 1.0)
      rack (~> 1.0)
      tilt (~> 1.1, != 1.3.0)
    sprockets-rails (2.3.2)
      actionpack (>= 3.0)
      activesupport (>= 3.0)
      sprockets (>= 2.8, < 4.0)
    sqlite3 (1.3.10)
    sxp (1.0.0)
      rdf (~> 2.0)
    term-ansicolor (1.2.2)
      tins (~> 0.8)
    therubyracer (0.12.2)
      libv8 (~> 3.16.14.0)
      ref
    thin (1.6.3)
      daemons (~> 1.0, >= 1.0.9)
      eventmachine (~> 1.0)
      rack (~> 1.0)
    thor (0.18.1)
    thread_safe (0.3.5)
    tilt (1.4.1)
    timecop (0.7.4)
    tins (0.13.2)
    travis (1.7.7)
      addressable (~> 2.3)
      backports
      faraday (~> 0.9)
      faraday_middleware (~> 0.9, >= 0.9.1)
      gh (~> 0.13)
      highline (~> 1.6)
      launchy (~> 2.1)
      pry (~> 0.9, < 0.10)
      pusher-client (~> 0.4)
      typhoeus (~> 0.6, >= 0.6.8)
    turbolinks (2.5.3)
      coffee-rails
    typhoeus (0.7.2)
      ethon (>= 0.7.4)
    tzinfo (0.3.51)
    uglifier (2.7.1)
      execjs (>= 0.3.0)
      json (>= 1.8.0)
    uri_template (0.7.0)
    vcr (2.9.3)
    webmock (1.21.0)
      addressable (>= 2.3.6)
      crack (>= 0.3.2)
    websocket (1.2.2)
    websocket-driver (0.5.4)
      websocket-extensions (>= 0.1.0)
    websocket-extensions (0.1.2)
    xml-simple (1.1.5)
    xpath (2.0.0)
      nokogiri (~> 1.3)

PLATFORMS
  ruby

DEPENDENCIES
  airbrake
  alternate_rails!
  bootstrap-kaminari-views
  bootstrap-sass (~> 3.1.1)
  bson (= 3.1.1)
  bson_ext
  cloudflare
  coffee-rails (~> 4.0.0)
  coveralls
  csvlint
  cucumber-api-steps!
  cucumber-rails
  data_kitten!
  data_uri
  database_cleaner
  dotenv-rails
  factory_girl_rails
  faker
  font-awesome-rails
  foreman (< 0.65.0)
  guard-bundler
  guard-cucumber
  guard-rspec
  jbuilder
  jquery-dotdotdot-rails
  jquery-rails
  kaminari
  mongoid (~> 5.0)
  mongoid-grid_fs (~> 2.2)
  nokogiri (~> 1.5)
  poltergeist
  pry
  puma
  pusher
  rack-cors
  rack-google-analytics
  rails (~> 4.0.12)
  rails_12factor
  rest-client
  resumable_upload!
  rspec-rails
  rubyzip
  sass-rails (~> 4.0.0)
  sdoc
  sidekiq (= 4.2.4)
  simplecov (~> 0.7.1)
  sprockets (~> 2.11.3)
  sqlite3
  therubyracer
  thin
  timecop
  travis
  turbolinks
  uglifier (>= 1.3.0)
  vcr
  webmock

RUBY VERSION
   ruby 2.4.1p111

BUNDLED WITH
   1.14.6
